GEM
  remote: https://rubygems.org/
  specs:
    builder (3.2.4)
    childprocess (0.9.0)
      ffi (~> 1.0, >= 1.0.11)
    cucumber (2.99.0)
      builder (>= 2.1.2)
      cucumber-core (~> 1.5.0)
      cucumber-wire (~> 0.0.1)
      diff-lcs (>= 1.1.3)
      gherkin (~> 4.0)
      multi_json (>= 1.7.5, < 2.0)
      multi_test (>= 0.1.2)
    cucumber-core (1.5.0)
      gherkin (~> 4.0)
    cucumber-wire (0.0.1)
    diff-lcs (1.4.4)
    ffi (1.9.18)
    gherkin (4.1.3)
    multi_json (1.15.0)
    multi_test (0.1.2)
    rubyzip (1.3.0)
    selenium-webdriver (3.10.0)
      childprocess (~> 0.5)
      rubyzip (~> 1.2)

PLATFORMS
  x86_64-darwin-20

DEPENDENCIES
  cucumber
  selenium-webdriver

BUNDLED WITH
   2.2.17
